PATH
  remote: .
  specs:
    ruby-bigquery-cl (0.2.0)
      json

GEM
  remote: http://rubygems.org/
  specs:
    addressable (2.2.4)
    crack (0.1.8)
    diff-lcs (1.1.2)
    json (1.5.3)
    rake (0.8.7)
    rspec (1.3.0)
    webmock (1.6.2)
      addressable (>= 2.2.2)
      crack (>= 0.1.7)

PLATFORMS
  ruby

DEPENDENCIES
  bundler
  diff-lcs
  rake
  rspec (~> 1.3)
  ruby-bigquery-cl!
  webmock
