PATH
  remote: .
  specs:
    ruby-bigquery-cl (0.2.0)
      json

GEM
  remote: http://rubygems.org/
  specs:
    diff-lcs (1.1.2)
    json (1.5.3)
    rake (0.8.7)
    rspec (1.3.0)

PLATFORMS
  ruby

DEPENDENCIES
  bundler
  diff-lcs
  rake
  rspec (~> 1.3)
  ruby-bigquery-cl!
