PATH
  remote: .
  specs:
    ruby-bigquery-cl (0.2.0)
      json

GEM
  remote: http://rubygems.org/
  specs:
    json (1.5.1)
    rspec (1.3.0)

PLATFORMS
  ruby

DEPENDENCIES
  rspec (= 1.3)
  ruby-bigquery-cl!
